GEM
  remote: https://rubygems.org/
  specs:
    concurrent-ruby (1.1.10)
    connection_pool (2.3.0)
    rack (3.0.3)
    redis-client (0.11.2)
      connection_pool
    sidekiq (7.0.2)
      concurrent-ruby (< 2)
      connection_pool (>= 2.3.0)
      rack (>= 2.2.4)
      redis-client (>= 0.11.0)
    sinatra (1.0)
      rack (>= 1.0)

PLATFORMS
  x86_64-linux

DEPENDENCIES
  rack
  sidekiq
  sinatra

BUNDLED WITH
   2.3.23
